GEM
  remote: https://rubygems.org/
  specs:
    parslet (2.0.0)
    toml (0.3.0)
      parslet (>= 1.8.0, < 3.0.0)

PLATFORMS
  x86_64-linux

DEPENDENCIES
  toml (~> 0.3.0)

BUNDLED WITH
   2.3.15
